GIT
  remote: git://github.com/melborne/colorable.git
  revision: c93875910e4b777a7f2688b6bc1501ab5cbc0edf
  specs:
    colorable (0.2.0)

GIT
  remote: git://github.com/movitto/rjr.git
  revision: 219f970fbe3a1298d59fc820fdcf968d527fd567
  specs:
    rjr (0.19.2)
      eventmachine
      json (>= 1.7.6)

GEM
  remote: https://rubygems.org/
  specs:
    awesome_print (1.2.0)
    coderay (1.1.0)
    eventmachine (1.2.0.1)
    json (1.8.3)
    method_source (0.8.2)
    pry (0.10.1)
      coderay (~> 1.1.0)
      method_source (~> 0.8.1)
      slop (~> 3.4)
    slop (3.6.0)

PLATFORMS
  ruby

DEPENDENCIES
  awesome_print
  colorable (= 0.2.0)!
  pry
  rjr (= 0.19.2)!

BUNDLED WITH
   1.11.2
